PATH
  remote: .
  specs:
    r001z (0.1.0)
      rack (~> 2.0.7)
      webrick

GEM
  remote: https://rubygems.org/
  specs:
    rack (2.0.9.4)
    rake (13.2.1)
    webrick (1.8.1)

PLATFORMS
  ruby
  x86_64-linux

DEPENDENCIES
  r001z!
  rake (~> 13.0)

BUNDLED WITH
   2.5.12
